GEM
  remote: https://rubygems.org/
  specs:
    artii (2.1.2)
    backports (3.8.0)
    erubis (2.7.0)
    excon (0.49.0)
    ffi (1.9.18)
    listen (3.1.5)
      rb-fsevent (~> 0.9, >= 0.9.4)
      rb-inotify (~> 0.9, >= 0.9.7)
      ruby_dep (~> 1.2)
    multi_json (1.12.1)
    mustermann (1.0.0)
    nio4r (2.5.8)
    puma (4.3.11)
      nio4r (~> 2.0)
    rack (2.0.3)
    rack-protection (2.0.0)
      rack
    rb-fsevent (0.10.2)
    rb-inotify (0.9.10)
      ffi (>= 0.5.0, < 2)
    rerun (0.11.0)
      listen (~> 3.0)
    ruby_dep (1.5.0)
    sinatra (2.0.0)
      mustermann (~> 1.0)
      rack (~> 2.0)
      rack-protection (= 2.0.0)
      tilt (~> 2.0)
    sinatra-contrib (2.0.0)
      backports (>= 2.0)
      multi_json
      mustermann (~> 1.0)
      rack-protection (= 2.0.0)
      sinatra (= 2.0.0)
      tilt (>= 1.3, < 3)
    tilt (2.0.8)

PLATFORMS
  ruby

DEPENDENCIES
  artii
  erubis
  excon
  puma
  rerun
  sinatra
  sinatra-contrib

BUNDLED WITH
   1.15.4
